GEM
  remote: https://rubygems.org/
  specs:
    addressable (2.8.1)
      public_suffix (>= 2.0.2, < 6.0)
    byebug (11.1.3)
    call-me (0.0.2.3)
      refining
    concurrent-ruby (1.1.10)
    down (5.3.1)
      addressable (~> 2.8)
    ffi (1.15.5)
    ffi-extra (0.1.0)
      ffi
    ffi-inline (0.0.4.3)
      ffi (>= 0.4.0)
    hanami-api (0.2.0)
      hanami-router (~> 2.0.alpha)
    hanami-router (2.0.0.beta2)
      mustermann (~> 1.0)
      mustermann-contrib (~> 1.0)
      rack (~> 2.0)
    hansi (0.2.1)
    iso-639 (0.3.5)
    karafka (2.0.7)
      karafka-core (>= 2.0.2, < 3.0.0)
      rdkafka (>= 0.12)
      thor (>= 0.20)
      waterdrop (>= 2.4.1, < 3.0.0)
      zeitwerk (~> 2.3)
    karafka-core (2.0.2)
      concurrent-ruby (>= 1.1)
    mini_portile2 (2.8.0)
    mustermann (1.1.2)
      ruby2_keywords (~> 0.0.1)
    mustermann-contrib (1.1.2)
      hansi (~> 0.2.0)
      mustermann (= 1.1.2)
    nio4r (2.5.8)
    public_suffix (5.0.0)
    pull_tempfile (0.2.0)
    puma (5.6.5)
      nio4r (~> 2.0)
    rack (2.2.4)
    rake (13.0.6)
    rdkafka (0.12.0)
      ffi (~> 1.15)
      mini_portile2 (~> 2.6)
      rake (> 12)
    refining (0.0.5.5)
    rtesseract (3.1.2)
    ruby2_keywords (0.0.5)
    tesseract-ocr (0.1.8)
      call-me
      ffi-extra
      ffi-inline
      iso-639
    thor (1.2.1)
    waterdrop (2.4.1)
      karafka-core (>= 2.0.2, < 3.0.0)
      rdkafka (>= 0.10)
      zeitwerk (~> 2.3)
    zeitwerk (2.6.0)

PLATFORMS
  x86_64-linux

DEPENDENCIES
  byebug (~> 11.1)
  down (~> 5.3)
  hanami-api (~> 0.2.0)
  karafka (~> 2.0)
  pull_tempfile (~> 0.2.0)
  puma (~> 5.6)
  rtesseract (~> 3.1)
  tesseract-ocr (~> 0.1.8)

BUNDLED WITH
   2.3.10
