GEM
  remote: https://rubygems.org/
  specs:
    addressable (2.8.1)
      public_suffix (>= 2.0.2, < 6.0)
    concurrent-ruby (1.1.10)
    down (5.3.1)
      addressable (~> 2.8)
    ffi (1.15.5)
    karafka (2.0.8)
      karafka-core (>= 2.0.2, < 3.0.0)
      rdkafka (>= 0.12)
      thor (>= 0.20)
      waterdrop (>= 2.4.1, < 3.0.0)
      zeitwerk (~> 2.3)
    karafka-core (2.0.2)
      concurrent-ruby (>= 1.1)
    mini_portile2 (2.8.0)
    public_suffix (5.0.0)
    rake (13.0.6)
    rdkafka (0.12.0)
      ffi (~> 1.15)
      mini_portile2 (~> 2.6)
      rake (> 12)
    rtesseract (3.1.2)
    thor (1.2.1)
    waterdrop (2.4.1)
      karafka-core (>= 2.0.2, < 3.0.0)
      rdkafka (>= 0.10)
      zeitwerk (~> 2.3)
    zeitwerk (2.6.0)

PLATFORMS
  x86_64-linux

DEPENDENCIES
  down (~> 5.3)
  karafka (~> 2.0)
  rtesseract (~> 3.1)

BUNDLED WITH
   2.3.10
