GEM
  remote: https://rubygems.org/
  specs:
    concurrent-ruby (1.1.10)
    ffi (1.15.5)
    hanami-api (0.2.0)
      hanami-router (~> 2.0.alpha)
    hanami-router (2.0.0.beta2)
      mustermann (~> 1.0)
      mustermann-contrib (~> 1.0)
      rack (~> 2.0)
    hansi (0.2.1)
    karafka-core (2.0.2)
      concurrent-ruby (>= 1.1)
    mini_portile2 (2.8.0)
    mustermann (1.1.2)
      ruby2_keywords (~> 0.0.1)
    mustermann-contrib (1.1.2)
      hansi (~> 0.2.0)
      mustermann (= 1.1.2)
    nio4r (2.5.8)
    puma (5.6.5)
      nio4r (~> 2.0)
    rack (2.2.4)
    rake (13.0.6)
    rdkafka (0.12.0)
      ffi (~> 1.15)
      mini_portile2 (~> 2.6)
      rake (> 12)
    ruby2_keywords (0.0.5)
    waterdrop (2.4.1)
      karafka-core (>= 2.0.2, < 3.0.0)
      rdkafka (>= 0.10)
      zeitwerk (~> 2.3)
    zeitwerk (2.6.0)

PLATFORMS
  x86_64-linux

DEPENDENCIES
  hanami-api (~> 0.2.0)
  puma (~> 5.6)
  waterdrop (~> 2.4)

BUNDLED WITH
   2.3.10
